PATH
  remote: .
  specs:
    incrcov (0.1.0)
      astrolabe (~> 1.3)
      git (~> 1.5)
      markdown-tables (~> 1.1)
      terminal-table (~> 1.8)

GEM
  remote: https://gems.ruby-china.com/
  specs:
    ast (2.4.0)
    astrolabe (1.3.1)
      parser (~> 2.2)
    diff-lcs (1.3)
    docile (1.3.2)
    git (1.11.0)
      rchardet (~> 1.8)
    json (2.3.1)
    markdown-tables (1.1.1)
    parser (2.5.3.0)
      ast (~> 2.4.0)
    rake (13.0.1)
    rchardet (1.8.0)
    rspec-core (3.8.2)
      rspec-support (~> 3.8.0)
    rspec-expectations (3.8.4)
      diff-lcs (>= 1.2.0, < 2.0)
      rspec-support (~> 3.8.0)
    rspec-mocks (3.8.1)
      diff-lcs (>= 1.2.0, < 2.0)
      rspec-support (~> 3.8.0)
    rspec-support (3.8.2)
    simplecov (0.17.0)
      docile (~> 1.1)
      json (>= 1.8, < 3)
      simplecov-html (~> 0.10.0)
    simplecov-html (0.10.2)
    terminal-table (1.8.0)
      unicode-display_width (~> 1.1, >= 1.1.1)
    unicode-display_width (1.4.1)

PLATFORMS
  ruby

DEPENDENCIES
  astrolabe
  bundler (~> 2.0)
  git
  incrcov!
  markdown-tables
  rake (~> 13.0)
  rspec-core
  rspec-expectations
  rspec-mocks
  simplecov
  terminal-table

BUNDLED WITH
   2.0.1
